GEM
  remote: https://rubygems.org/
  specs:
    dotenv (2.2.1)
    rake (12.0.0)

PLATFORMS
  ruby

DEPENDENCIES
  dotenv
  rake

BUNDLED WITH
   1.13.6
